GEM
  remote: https://rubygems.org/
  specs:
    bigdecimal (3.1.4)
    dotenv (2.8.1)
    json (2.6.3)
    multi_json (1.15.0)
    mustermann (3.0.0)
      ruby2_keywords (~> 0.0.1)
    pg (1.5.4)
    rack (2.2.8)
    rack-protection (3.1.0)
      rack (~> 2.2, >= 2.2.4)
    rackup (1.0.0)
      rack (< 3)
      webrick
    rake (13.1.0)
    ruby2_keywords (0.0.5)
    sequel (5.74.0)
      bigdecimal
    sequel-seed (1.1.2)
      sequel (>= 4.49.0)
    sinatra (3.1.0)
      mustermann (~> 3.0)
      rack (~> 2.2, >= 2.2.4)
      rack-protection (= 3.1.0)
      tilt (~> 2.0)
    sinatra-contrib (3.1.0)
      multi_json
      mustermann (~> 3.0)
      rack-protection (= 3.1.0)
      sinatra (= 3.1.0)
      tilt (~> 2.0)
    tilt (2.3.0)
    webrick (1.8.1)

PLATFORMS
  x86_64-linux

DEPENDENCIES
  dotenv
  json
  pg
  rack
  rackup
  rake
  sequel
  sequel-seed
  sinatra
  sinatra-contrib

BUNDLED WITH
   2.4.21
